GEM
  remote: https://rubygems.org/
  specs:
    diff-lcs (1.2.5)
    rspec (3.5.0)
      rspec-core (~> 3.5.0)
      rspec-expectations (~> 3.5.0)
      rspec-mocks (~> 3.5.0)
    rspec-core (3.5.2)
      rspec-support (~> 3.5.0)
    rspec-expectations (3.5.0)
      diff-lcs (>= 1.2.0, < 2.0)
      rspec-support (~> 3.5.0)
    rspec-mocks (3.5.0)
      diff-lcs (>= 1.2.0, < 2.0)
      rspec-support (~> 3.5.0)
    rspec-sleeping_king_studios (2.2.1)
      rspec (~> 3.0)
      sleeping_king_studios-tools (>= 0.3.0)
    rspec-support (3.5.0)
    sleeping_king_studios-tools (0.3.0)
    yard (0.9.5)

PLATFORMS
  ruby

DEPENDENCIES
  rspec (~> 3.5)
  rspec-sleeping_king_studios (~> 2.2, >= 2.2.1)
  yard (~> 0.9, >= 0.9.5)

BUNDLED WITH
   1.12.5
