GIT
  remote: https://github.com/sleepingkingstudios/sleeping_king_studios-tools
  revision: 8aae6341342edfca142049e2bc48d3e82601f62b
  branch: feature/constant_map
  specs:
    sleeping_king_studios-tools (0.5.0.rc.0)

GEM
  remote: https://rubygems.org/
  specs:
    ast (2.3.0)
    byebug (9.0.5)
    diff-lcs (1.2.5)
    docile (1.1.5)
    json (2.0.2)
    parser (2.3.1.2)
      ast (~> 2.2)
    powerpack (0.1.1)
    rainbow (2.1.0)
    rspec (3.5.0)
      rspec-core (~> 3.5.0)
      rspec-expectations (~> 3.5.0)
      rspec-mocks (~> 3.5.0)
    rspec-core (3.5.2)
      rspec-support (~> 3.5.0)
    rspec-expectations (3.5.0)
      diff-lcs (>= 1.2.0, < 2.0)
      rspec-support (~> 3.5.0)
    rspec-mocks (3.5.0)
      diff-lcs (>= 1.2.0, < 2.0)
      rspec-support (~> 3.5.0)
    rspec-sleeping_king_studios (2.2.1)
      rspec (~> 3.0)
      sleeping_king_studios-tools (>= 0.3.0)
    rspec-support (3.5.0)
    rubocop (0.42.0)
      parser (>= 2.3.1.1, < 3.0)
      powerpack (~> 0.1)
      rainbow (>= 1.99.1, < 3.0)
      ruby-progressbar (~> 1.7)
      unicode-display_width (~> 1.0, >= 1.0.1)
    ruby-progressbar (1.8.1)
    simplecov (0.12.0)
      docile (~> 1.1.0)
      json (>= 1.8, < 3)
      simplecov-html (~> 0.10.0)
    simplecov-html (0.10.0)
    sysrandom (1.0.2)
    thor (0.19.1)
    unicode-display_width (1.1.0)
    yard (0.9.5)

PLATFORMS
  ruby

DEPENDENCIES
  byebug (~> 9.0.5, ~> 9.0)
  rspec (~> 3.5)
  rspec-sleeping_king_studios (~> 2.2, >= 2.2.1)
  rubocop (~> 0.42)
  simplecov (~> 0.12)
  sleeping_king_studios-tools (>= 0.5.0.alpha)!
  sysrandom (~> 1.0.0, >= 1.0.2)
  thor (~> 0.19, >= 0.19.1)
  yard (~> 0.9, >= 0.9.5)

BUNDLED WITH
   1.12.5
